GEM
  remote: http://rubygems.org/
  specs:
    coderay (1.0.9)
    diff-lcs (1.1.3)
    metaclass (0.0.1)
    method_source (0.8.1)
    mime-types (1.18)
    mocha (0.13.2)
      metaclass (~> 0.0.1)
    posix-spawn (0.3.6)
    pry (0.9.12)
      coderay (~> 1.0.5)
      method_source (~> 0.8)
      slop (~> 3.4)
    rake (0.9.2.2)
    slop (3.4.4)

PLATFORMS
  ruby

DEPENDENCIES
  diff-lcs (~> 1.1)
  mime-types (~> 1.15)
  mocha (~> 0.13.2)
  posix-spawn (~> 0.3.6)
  pry
  rake
